GIT
  remote: https://github.com/bossmc/joker.git
  revision: 97ac2b5738b4964a446eec7939859b051d73d839
  branch: use-extension-task
  specs:
    joker (1.1.0)
      bacon (~> 1)
      rake (~> 10)
      rake-compiler (~> 0)

GEM
  remote: https://rubygems.org/
  specs:
    CFPropertyList (2.2.8)
    abnf-parsing (0.2.2)
    bacon (1.2.0)
    barrier (1.0.0)
    coderay (1.0.9)
    erubis (2.7.0)
    facter (2.2.0)
      CFPropertyList (~> 2.2.6)
    forwarder (0.1.1)
    httpclient (2.4.0)
    httpi (2.2.5)
      rack
    method_source (0.8.1)
    milenage (1.1.1)
    mime-types (1.21)
    mini_portile (0.6.0)
    nokogiri (1.6.3.1)
      mini_portile (= 0.6.0)
    pry (0.9.12)
      coderay (~> 1.0.5)
      method_source (~> 0.8)
      slop (~> 3.4)
    quaff (0.7.2)
      abnf-parsing (>= 0.2.0)
      milenage (>= 0.1.0)
      system-getifaddrs (>= 0.2.1)
    rack (1.5.2)
    rake (10.0.3)
    rake-compiler (0.9.5)
      rake
    require_all (1.2.1)
    rest-client (1.6.7)
      mime-types (>= 1.16)
    slop (3.4.3)
    snmp (1.1.1)
    system-getifaddrs (0.2.1)

PLATFORMS
  ruby

DEPENDENCIES
  barrier
  bundler
  erubis
  facter
  forwarder
  httpclient
  httpi
  joker!
  nokogiri
  pry
  quaff
  rake
  require_all
  rest-client
  snmp
